PATH
  remote: ../httpthumbnailer
  specs:
    httpthumbnailer (1.3.0)
      rmagick (~> 2)
      unicorn-cuba-base (~> 1.6)

PATH
  remote: ../unicorn-cuba-base
  specs:
    unicorn-cuba-base (1.6.0)
      cli (~> 1.3)
      cuba (~> 3.0)
      facter (~> 1.6, >= 1.6.18)
      raindrops (~> 0.11)
      ruby-ip (~> 0.9)
      unicorn (~> 4.6, >= 4.6.2)

GEM
  remote: http://rubygems.org/
  specs:
    addressable (2.3.8)
    builder (3.2.2)
    cli (1.3.1)
    cuba (3.4.0)
      rack
    cucumber (1.3.17)
      builder (>= 2.1.2)
      diff-lcs (>= 1.1.3)
      gherkin (~> 2.12)
      multi_json (>= 1.7.5, < 2.0)
      multi_test (>= 0.1.1)
    daemon (1.1.0)
    diff-lcs (1.1.3)
    facter (1.7.6)
    faraday (0.8.9)
      multipart-post (~> 1.2.0)
    gherkin (2.12.2)
      multi_json (~> 1.3)
    git (1.2.9.1)
    github_api (0.10.1)
      addressable
      faraday (~> 0.8.1)
      hashie (>= 1.2)
      multi_json (~> 1.4)
      nokogiri (~> 1.5.2)
      oauth2
    hashie (3.4.2)
    highline (1.7.2)
    httpclient (2.3.3)
    jeweler (1.8.8)
      builder
      bundler (~> 1.0)
      git (>= 1.2.5)
      github_api (= 0.10.1)
      highline (>= 1.6.15)
      nokogiri (= 1.5.10)
      rake
      rdoc
    json (1.8.3)
    jwt (1.5.0)
    kgio (2.9.3)
    multi_json (1.10.1)
    multi_test (0.1.1)
    multi_xml (0.5.5)
    multipart-parser (0.1.1)
    multipart-post (1.2.0)
    nokogiri (1.5.10)
    oauth2 (1.0.0)
      faraday (>= 0.8, < 0.10)
      jwt (~> 1.0)
      multi_json (~> 1.3)
      multi_xml (~> 0.5)
      rack (~> 1.2)
    rack (1.6.1)
    raindrops (0.13.0)
    rake (10.4.2)
    rdoc (3.12.2)
      json (~> 1.4)
    rmagick (2.13.2)
    rspec (2.13.0)
      rspec-core (~> 2.13.0)
      rspec-expectations (~> 2.13.0)
      rspec-mocks (~> 2.13.0)
    rspec-core (2.13.1)
    rspec-expectations (2.13.0)
      diff-lcs (>= 1.1.3, < 2.0)
    rspec-mocks (2.13.1)
    ruby-ip (0.9.3)
    unicorn (4.9.0)
      kgio (~> 2.6)
      rack
      raindrops (~> 0.7)

PLATFORMS
  ruby

DEPENDENCIES
  cli (~> 1.3)
  cucumber (~> 1.3)
  daemon (~> 1)
  httpclient (~> 2.0, >= 2.3)
  httpthumbnailer (~> 1)!
  jeweler (~> 1.8, >= 1.8.8)
  multipart-parser (~> 0.1.1)
  rdoc (~> 3.9)
  rmagick (~> 2)
  rspec (~> 2.13)
  rspec-mocks (~> 2.13)
  unicorn-cuba-base (~> 1)!
