GEM
  remote: http://rubygems.org/
  specs:
    builder (3.0.0)
    cli (1.1.1)
    cucumber (1.2.1)
      builder (>= 2.1.2)
      diff-lcs (>= 1.1.3)
      gherkin (~> 2.11.0)
      json (>= 1.4.6)
    daemon (1.1.0)
    daemons (1.0.10)
    diff-lcs (1.1.3)
    gem_plugin (0.2.3)
    gherkin (2.11.2)
      json (>= 1.4.6)
    git (1.2.5)
    haml (3.1.7)
    httpclient (2.2.7)
    httpthumbnailer (0.3.1)
      cli (~> 1.1.0)
      haml (~> 3)
      mongrel (>= 1.2.0.pre2)
      rmagick (~> 2)
      ruby-ip (~> 0.9)
      sinatra (>= 1.2.6)
    jeweler (1.8.4)
      bundler (~> 1.0)
      git (>= 1.2.5)
      rake
      rdoc
    json (1.7.5)
    mongrel (1.2.0.pre2)
      daemons (~> 1.0.10)
      gem_plugin (~> 0.2.3)
    multi_json (1.3.6)
    rack (1.4.1)
    rack-protection (1.2.0)
      rack
    rake (0.9.2.2)
    rdoc (3.12)
      json (~> 1.4)
    rmagick (2.13.1)
    rspec (2.11.0)
      rspec-core (~> 2.11.0)
      rspec-expectations (~> 2.11.0)
      rspec-mocks (~> 2.11.0)
    rspec-core (2.11.1)
    rspec-expectations (2.11.3)
      diff-lcs (~> 1.1.3)
    rspec-mocks (2.11.2)
    ruby-ip (0.9.1)
    simplecov (0.6.4)
      multi_json (~> 1.0)
      simplecov-html (~> 0.5.3)
    simplecov-html (0.5.3)
    sinatra (1.3.3)
      rack (~> 1.3, >= 1.3.6)
      rack-protection (~> 1.2)
      tilt (~> 1.3, >= 1.3.3)
    tilt (1.3.3)

PLATFORMS
  ruby

DEPENDENCIES
  bundler (~> 1.1)
  cucumber
  daemon (~> 1)
  httpclient (>= 2.2)
  httpthumbnailer (~> 0.3)
  jeweler (~> 1.6)
  rdoc (~> 3.9)
  rspec (~> 2.3)
  simplecov
