PATH
  remote: ../httpthumbnailer
  specs:
    httpthumbnailer (1.0.0)
      cli (~> 1.1.0)
      cuba (~> 3.0)
      daemon (~> 1)
      facter (~> 1.6.11)
      raindrops (~> 0.11)
      rmagick (~> 2)
      ruby-ip (~> 0.9)
      unicorn (>= 4.6.2)

GEM
  remote: http://rubygems.org/
  specs:
    builder (3.0.0)
    cli (1.1.1)
    cuba (3.1.0)
      rack
    cucumber (1.1.3)
      builder (>= 2.1.2)
      diff-lcs (>= 1.1.2)
      gherkin (~> 2.6.7)
      json (>= 1.4.6)
      term-ansicolor (>= 1.0.6)
    daemon (1.1.0)
    diff-lcs (1.1.3)
    facter (1.6.11)
    gherkin (2.6.7)
      json (>= 1.4.6)
    git (1.2.5)
    httpclient (2.2.3)
    jeweler (1.6.4)
      bundler (~> 1.0)
      git (>= 1.2.5)
      rake
    json (1.6.1)
    kgio (2.8.0)
    multipart-parser (0.1.1)
    rack (1.5.2)
    raindrops (0.11.0)
    rake (0.9.2.2)
    rdoc (3.9.4)
    rmagick (2.13.1)
    rspec (2.13.0)
      rspec-core (~> 2.13.0)
      rspec-expectations (~> 2.13.0)
      rspec-mocks (~> 2.13.0)
    rspec-core (2.13.1)
    rspec-expectations (2.13.0)
      diff-lcs (>= 1.1.3, < 2.0)
    rspec-mocks (2.13.1)
    ruby-ip (0.9.1)
    term-ansicolor (1.0.7)
    unicorn (4.6.2)
      kgio (~> 2.6)
      rack
      raindrops (~> 0.7)

PLATFORMS
  ruby

DEPENDENCIES
  cli (~> 1.1.0)
  cucumber
  daemon (~> 1)
  httpclient (>= 2.2.1)
  httpthumbnailer!
  jeweler (~> 1.6.4)
  multipart-parser (~> 0.1.1)
  rdoc (~> 3.9)
  rmagick (~> 2)
  rspec (~> 2.13)
  rspec-mocks (~> 2.13)
