PATH
  remote: ../httpthumbnailer
  specs:
    httpthumbnailer (1.2.0)
      rmagick (~> 2)
      unicorn-cuba-base (~> 1.5.0)

PATH
  remote: ../unicorn-cuba-base
  specs:
    unicorn-cuba-base (1.5.0)
      cli (~> 1.3)
      cuba (~> 3.0)
      facter (~> 1.6, >= 1.6.18)
      raindrops (~> 0.11)
      ruby-ip (~> 0.9)
      unicorn (~> 4.6.2)

GEM
  remote: http://rubygems.org/
  specs:
    builder (3.0.0)
    cli (1.3.1)
    cuba (3.4.0)
      rack
    cucumber (1.1.3)
      builder (>= 2.1.2)
      diff-lcs (>= 1.1.2)
      gherkin (~> 2.6.7)
      json (>= 1.4.6)
      term-ansicolor (>= 1.0.6)
    daemon (1.1.0)
    diff-lcs (1.1.3)
    facter (1.7.6)
    gherkin (2.6.7)
      json (>= 1.4.6)
    git (1.2.5)
    httpclient (2.3.3)
    jeweler (1.8.4)
      bundler (~> 1.0)
      git (>= 1.2.5)
      rake
      rdoc
    json (1.6.1)
    kgio (2.9.3)
    multipart-parser (0.1.1)
    rack (1.6.0)
    raindrops (0.13.0)
    rake (10.0.4)
    rdoc (3.9.4)
    rmagick (2.13.2)
    rspec (2.13.0)
      rspec-core (~> 2.13.0)
      rspec-expectations (~> 2.13.0)
      rspec-mocks (~> 2.13.0)
    rspec-core (2.13.1)
    rspec-expectations (2.13.0)
      diff-lcs (>= 1.1.3, < 2.0)
    rspec-mocks (2.13.1)
    ruby-ip (0.9.3)
    term-ansicolor (1.0.7)
    unicorn (4.6.3)
      kgio (~> 2.6)
      rack
      raindrops (~> 0.7)

PLATFORMS
  ruby

DEPENDENCIES
  cli (~> 1.3)
  cucumber
  daemon (~> 1)
  httpclient (>= 2.3)
  httpthumbnailer!
  jeweler (~> 1.8.4)
  multipart-parser (~> 0.1.1)
  rdoc (~> 3.9)
  rmagick (~> 2)
  rspec (~> 2.13)
  rspec-mocks (~> 2.13)
  unicorn-cuba-base!
